GIT
  remote: http://github.com/axsh/trema.git
  revision: 5dfccb89a19f1e30b2f1b8cd8c57b9663db0ca71
  branch: wakame-edge
  specs:
    trema (0.1.0)
      gli (= 2.0.0)
      rake

GIT
  remote: https://github.com/axsh/racket.git
  revision: c8ae65fa5dc2ca5c31be3cc3d55b848967cd6af4
  specs:
    racket (1.0.12)
      bit-struct

GIT
  remote: https://github.com/axsh/rant.git
  revision: ceede443b6d9ff40299b0e5f4e625f3f8deb8e97
  specs:
    rant (0.5.9.1)

GIT
  remote: https://github.com/bmabey/database_cleaner.git
  revision: e5cb8cea30bbc360e1b808e58a630dd4c09f8de0
  ref: e5cb8cea
  specs:
    database_cleaner (0.7.2)

GEM
  remote: http://rubygems.org/
  specs:
    POpen4 (0.1.4)
      Platform (>= 0.4.0)
      open4
    Platform (0.4.0)
    active_support (3.0.0)
      activesupport (= 3.0.0)
    activesupport (3.0.0)
    backports (3.3.3)
    bit-struct (0.14)
    celluloid (0.14.1)
      timers (>= 1.0.0)
    celluloid-io (0.14.1)
      celluloid (>= 0.14.1)
      nio4r (>= 0.4.5)
    celluloid-zmq (0.14.0)
      celluloid (>= 0.13.0)
      ffi
      ffi-rzmq
    certified (0.1.1)
    coderay (1.0.9)
    colorize (0.5.8)
    coveralls (0.6.7)
      colorize
      multi_json (~> 1.3)
      rest-client
      simplecov (>= 0.7)
      thor
    dcell (0.14.0)
      celluloid (>= 0.13.0)
      celluloid-zmq (>= 0.13.0)
      redis
      redis-namespace
      reel
    diff-lcs (1.2.4)
    eventmachine (1.0.3)
    fabrication (2.7.2)
    ffi (1.9.0)
    ffi-rzmq (1.0.1)
      ffi
    fuguta (1.0.1)
    gli (2.0.0)
    http (0.4.0)
      certified
      http_parser.rb
    http_parser.rb (0.5.3)
    json (1.8.0)
    kgio (2.8.0)
    method_source (0.8.1)
    mime-types (1.23)
    multi_json (1.7.7)
    mysql2 (0.3.11)
    net-dhcp (1.1.1)
    nio4r (0.4.6)
    open4 (1.3.0)
    paper-house (0.1.16)
      POpen4 (~> 0.1.4)
      rake (~> 10.1.0)
    pry (0.9.12.2)
      coderay (~> 1.0.5)
      method_source (~> 0.8)
      slop (~> 3.4)
    pry-nav (0.2.3)
      pry (~> 0.9.10)
    rack (1.5.2)
    rack-cors (0.2.8)
      rack
    rack-protection (1.5.0)
      rack
    rack-test (0.6.2)
      rack (>= 1.0)
    raindrops (0.11.0)
    rake (10.1.0)
    redis (3.0.4)
    redis-namespace (1.3.0)
      redis (~> 3.0.0)
    reel (0.3.0)
      celluloid-io (>= 0.8.0)
      http (>= 0.2.0)
      http_parser.rb (>= 0.5.3)
      rack (>= 1.4.0)
      websocket_parser (>= 0.1.0)
    rest-client (1.6.7)
      mime-types (>= 1.16)
    rspec (2.14.0)
      rspec-core (~> 2.14.0)
      rspec-expectations (~> 2.14.0)
      rspec-mocks (~> 2.14.0)
    rspec-core (2.14.1)
    rspec-expectations (2.14.0)
      diff-lcs (>= 1.1.3, < 2.0)
    rspec-mocks (2.14.1)
    sequel (4.0.0)
    simplecov (0.7.1)
      multi_json (~> 1.0)
      simplecov-html (~> 0.7.1)
    simplecov-html (0.7.1)
    sinatra (1.4.3)
      rack (~> 1.4)
      rack-protection (~> 1.4)
      tilt (~> 1.3, >= 1.3.4)
    sinatra-contrib (1.4.0)
      backports (>= 2.0)
      eventmachine
      rack-protection
      rack-test
      sinatra (~> 1.4.2)
      tilt (~> 1.3)
    sinatra-hashfix (0.1.0)
      sinatra (>= 0.9.0)
    slop (3.4.5)
    thor (0.18.1)
    tilt (1.4.1)
    timers (1.1.0)
    unicorn (4.6.3)
      kgio (~> 2.6)
      rack
      raindrops (~> 0.7)
    websocket_parser (0.1.4)
      http

PLATFORMS
  ruby

DEPENDENCIES
  active_support
  bit-struct (>= 0.13.7)
  celluloid
  celluloid-io
  coveralls
  database_cleaner!
  dcell
  fabrication
  fuguta
  json
  mysql2
  net-dhcp (>= 1.1.1)
  paper-house
  pry-nav
  rack
  rack-cors
  rack-test
  racket (>= 1.0.12)!
  rake
  rant (>= 0.5.9)!
  rspec (>= 2.14.0.rc1)
  sequel
  sinatra
  sinatra-contrib
  sinatra-hashfix
  trema!
  unicorn
