GIT
  remote: https://github.com/axsh/fpm-cookery
  revision: d43cea38cebec22665b63f36834d37e88d2a9cda
  branch: wakame-vnet
  specs:
    fpm-cookery (0.15.0)
      addressable
      facter
      fpm (~> 0.4)
      puppet
      systemu

GEM
  remote: http://rubygems.org/
  specs:
    addressable (2.3.5)
    arr-pm (0.0.9)
      cabin (> 0)
    backports (3.6.0)
    cabin (0.6.1)
    childprocess (0.5.1)
      ffi (~> 1.0, >= 1.0.11)
    clamp (0.6.3)
    facter (1.7.5)
    ffi (1.9.3)
    fpm (0.4.42)
      arr-pm (~> 0.0.8)
      backports (>= 2.6.2)
      cabin (>= 0.6.0)
      childprocess
      clamp (~> 0.6)
      ftw (~> 0.0.30)
      json (>= 1.7.7)
    ftw (0.0.39)
      addressable
      backports (>= 2.6.2)
      cabin (> 0)
      http_parser.rb (= 0.5.3)
    hiera (1.3.2)
      json_pure
    http_parser.rb (0.5.3)
    json (1.8.1)
    json_pure (1.8.1)
    puppet (3.4.3)
      facter (~> 1.6)
      hiera (~> 1.0)
      rgen (~> 0.6.5)
    rgen (0.6.6)
    systemu (2.6.3)

PLATFORMS
  ruby

DEPENDENCIES
  fpm
  fpm-cookery!
