GEM
  remote: http://rubygems.org/
  specs:
    fuguta (1.0.2)
    thor (0.18.1)

PLATFORMS
  ruby

DEPENDENCIES
  fuguta
  thor
