GEM
  remote: http://rubygems.org/
  specs:
    fuguta (1.0.4)
    thor (0.19.1)

PLATFORMS
  ruby

DEPENDENCIES
  fuguta
  thor
