GEM
  remote: http://rubygems.org/
  specs:
    fuguta (1.0.2)
    httparty (0.11.0)
      multi_json (~> 1.0)
      multi_xml (>= 0.5.2)
    multi_json (1.8.0)
    multi_xml (0.5.5)
    thor (0.18.1)

PLATFORMS
  ruby

DEPENDENCIES
  fuguta
  httparty
  thor
