GEM
  remote: http://rubygems.org/
  specs:
    fuguta (1.0.4.1)
    thor (0.20.0)

PLATFORMS
  ruby

DEPENDENCIES
  fuguta
  thor

BUNDLED WITH
   1.10.6
