GIT
  remote: https://github.com/axsh/racket.git
  revision: c8ae65fa5dc2ca5c31be3cc3d55b848967cd6af4
  specs:
    racket (1.0.12)
      bit-struct

GIT
  remote: https://github.com/axsh/rant.git
  revision: ceede443b6d9ff40299b0e5f4e625f3f8deb8e97
  specs:
    rant (0.5.9.1)

GIT
  remote: https://github.com/axsh/trema.git
  revision: 4f82057b5988a1d8e297402847ee46ae8dd17404
  branch: wakame-edge
  specs:
    trema (0.1.0)
      gli (= 2.0.0)
      rake

GIT
  remote: https://github.com/bmabey/database_cleaner.git
  revision: e5cb8cea30bbc360e1b808e58a630dd4c09f8de0
  ref: e5cb8cea
  specs:
    database_cleaner (0.7.2)

GEM
  remote: http://rubygems.org/
  specs:
    POpen4 (0.1.4)
      Platform (>= 0.4.0)
      open4
    Platform (0.4.0)
    activesupport (3.0.0)
    backports (3.6.0)
    bit-struct (0.15.0)
    byebug (4.0.5)
      columnize (= 0.9.0)
    celluloid (0.15.2)
      timers (~> 1.1.0)
    celluloid-io (0.15.0)
      celluloid (>= 0.15.0)
      nio4r (>= 0.5.0)
    celluloid-redis (0.0.2)
      celluloid-io (>= 0.13.0.pre)
      redis
    celluloid-zmq (0.15.0)
      celluloid (>= 0.13.0)
      ffi
      ffi-rzmq
    coderay (1.1.0)
    columnize (0.9.0)
    coveralls (0.7.0)
      multi_json (~> 1.3)
      rest-client
      simplecov (>= 0.7)
      term-ansicolor
      thor
    dcell (0.15.0)
      celluloid (>= 0.15.0)
      celluloid-redis
      celluloid-zmq (>= 0.15.0)
      redis-namespace
      reel
    diff-lcs (1.2.5)
    docile (1.1.3)
    fabrication (2.9.8)
    ffi (1.9.3)
    ffi-rzmq (1.0.3)
      ffi
    fuguta (1.0.3)
    gli (2.0.0)
    http (0.5.0)
      http_parser.rb
    http_parser.rb (0.6.0)
    ipaddress (0.8.0)
    json (1.8.1)
    kgio (2.9.2)
    method_source (0.8.2)
    mime-types (2.1)
    multi_json (1.9.0)
    mysql2 (0.3.15)
    net-dhcp (1.2.1)
    net-dns (0.8.0)
    nio4r (1.0.0)
    open4 (1.3.3)
    paper_house (0.5.0)
      POpen4 (~> 0.1.4)
      rake (~> 10.1.0)
    pry (0.10.1)
      coderay (~> 1.1.0)
      method_source (~> 0.8.1)
      slop (~> 3.4)
    pry-byebug (3.1.0)
      byebug (~> 4.0)
      pry (~> 0.10)
    rack (1.5.2)
    rack-cors (0.2.9)
    rack-protection (1.5.2)
      rack
    rack-test (0.6.2)
      rack (>= 1.0)
    raindrops (0.13.0)
    rake (10.1.1)
    redis (3.0.7)
    redis-namespace (1.4.1)
      redis (~> 3.0.4)
    reel (0.4.0)
      celluloid (>= 0.15.1)
      celluloid-io (>= 0.15.0)
      http (>= 0.5.0)
      http_parser.rb (>= 0.6.0.beta.2)
      websocket_parser (>= 0.1.4)
    rest-client (1.6.7)
      mime-types (>= 1.16)
    rspec (3.0.0.beta2)
      rspec-core (= 3.0.0.beta2)
      rspec-expectations (= 3.0.0.beta2)
      rspec-mocks (= 3.0.0.beta2)
    rspec-core (3.0.0.beta2)
      rspec-support (= 3.0.0.beta2)
    rspec-expectations (3.0.0.beta2)
      diff-lcs (>= 1.2.0, < 2.0)
      rspec-support (= 3.0.0.beta2)
    rspec-mocks (3.0.0.beta2)
      rspec-support (= 3.0.0.beta2)
    rspec-support (3.0.0.beta2)
    sequel (4.8.0)
    sequel_paranoia (0.0.7)
    simplecov (0.8.2)
      docile (~> 1.1.0)
      multi_json
      simplecov-html (~> 0.8.0)
    simplecov-html (0.8.0)
    sinatra (1.4.4)
      rack (~> 1.4)
      rack-protection (~> 1.4)
      tilt (~> 1.3, >= 1.3.4)
    sinatra-browse (0.3)
    sinatra-contrib (1.4.2)
      backports (>= 2.0)
      multi_json
      rack-protection
      rack-test
      sinatra (~> 1.4.0)
      tilt (~> 1.3)
    sinatra-hashfix (0.1.0)
      sinatra (>= 0.9.0)
    slop (3.6.0)
    term-ansicolor (1.3.0)
      tins (~> 1.0)
    thor (0.18.1)
    tilt (1.4.1)
    timers (1.1.0)
    tins (1.0.0)
    unicorn (4.8.2)
      kgio (~> 2.6)
      rack
      raindrops (~> 0.7)
    websocket_parser (0.1.6)

PLATFORMS
  ruby

DEPENDENCIES
  activesupport
  bit-struct (>= 0.13.7)
  celluloid
  celluloid-io
  coveralls
  database_cleaner!
  dcell
  fabrication
  ffi-rzmq (= 1.0.3)
  fuguta
  ipaddress
  json
  mysql2
  net-dhcp (>= 1.1.1)
  net-dns
  paper_house (~> 0.5.0)
  pry-byebug
  rack
  rack-cors
  rack-test
  racket (>= 1.0.12)!
  rake
  rant (>= 0.5.9)!
  rspec (>= 2.14.0.rc1)
  sequel
  sequel_paranoia
  sinatra
  sinatra-browse (>= 0.3)
  sinatra-contrib
  sinatra-hashfix
  trema!
  unicorn
