GIT
  remote: git://github.com/axsh/dcell.git
  revision: 2cbae90683be1a7f6c5c4fb4def54f6f528e9f06
  branch: v0.16.1-updated-gems
  specs:
    dcell (0.16.1)
      celluloid (~> 0.16.0)
      celluloid-redis
      celluloid-zmq (~> 0.16.0)
      http (~> 3.0.0)
      redis-namespace
      reel (~> 0.6.1)

GIT
  remote: https://github.com/axsh/racket.git
  revision: c8ae65fa5dc2ca5c31be3cc3d55b848967cd6af4
  specs:
    racket (1.0.12)
      bit-struct

GEM
  remote: http://rubygems.org/
  specs:
    activesupport (5.1.7)
      concurrent-ruby (~> 1.0, >= 1.0.2)
      i18n (>= 0.7, < 2)
      minitest (~> 5.1)
      tzinfo (~> 1.1)
    addressable (2.6.0)
      public_suffix (>= 2.0.2, < 4.0)
    ast (2.4.0)
    backports (3.14.0)
    bindata (2.1.0)
    bit-struct (0.16)
    byebug (11.0.1)
    celluloid (0.16.0)
      timers (~> 4.0.0)
    celluloid-io (0.16.2)
      celluloid (>= 0.16.0)
      nio4r (>= 1.1.0)
    celluloid-redis (0.0.2)
      celluloid-io (>= 0.13.0.pre)
      redis
    celluloid-zmq (0.16.1)
      celluloid (~> 0.16)
      ffi
      ffi-rzmq
    coderay (1.1.2)
    concurrent-ruby (1.1.5)
    coveralls (0.8.23)
      json (>= 1.8, < 3)
      simplecov (~> 0.16.1)
      term-ansicolor (~> 1.3)
      thor (>= 0.19.4, < 2.0)
      tins (~> 1.6)
    crack (0.4.3)
      safe_yaml (~> 1.0.0)
    database_cleaner (1.7.0)
    diff-lcs (1.3)
    docile (1.3.1)
    domain_name (0.5.20180417)
      unf (>= 0.0.5, < 1.0.0)
    fabrication (2.9.8)
    ffi (1.10.0)
    ffi-rzmq (2.0.7)
      ffi-rzmq-core (>= 1.0.7)
    ffi-rzmq-core (1.0.7)
      ffi
    fuguta (1.0.4.1)
    hashdiff (0.3.9)
    hitimes (1.3.1)
    http (3.0.0)
      addressable (~> 2.3)
      http-cookie (~> 1.0)
      http-form_data (>= 2.0.0.pre.pre2, < 3)
      http_parser.rb (~> 0.6.0)
    http-cookie (1.0.3)
      domain_name (~> 0.5)
    http-form_data (2.1.1)
    http_parser.rb (0.6.0)
    i18n (1.6.0)
      concurrent-ruby (~> 1.0)
    ipaddress (0.8.3)
    jaro_winkler (1.5.2)
    json (2.2.0)
    kgio (2.11.2)
    method_source (0.9.2)
    minitest (5.11.3)
    multi_json (1.13.1)
    mysql2 (0.5.2)
    net-dhcp (1.3.3)
    net-dns (0.9.0)
    nio4r (2.3.1)
    parallel (1.17.0)
    parser (2.6.3.0)
      ast (~> 2.4.0)
    pio (0.30.2)
      activesupport (~> 5.1.0)
      bindata (~> 2.1.0)
    pry (0.12.2)
      coderay (~> 1.1.0)
      method_source (~> 0.9.0)
    pry-byebug (3.7.0)
      byebug (~> 11.0)
      pry (~> 0.10)
    public_suffix (3.0.3)
    rack (1.6.11)
    rack-cors (1.0.3)
    rack-protection (1.5.5)
      rack
    rack-test (1.1.0)
      rack (>= 1.0, < 3)
    rainbow (3.0.0)
    raindrops (0.19.0)
    rake (10.1.0)
    redis (4.1.1)
    redis-namespace (1.6.0)
      redis (>= 3.0.4)
    reel (0.6.1)
      celluloid (>= 0.15.1)
      celluloid-io (>= 0.15.0)
      http (>= 0.6.0.pre)
      http_parser.rb (>= 0.6.0)
      websocket-driver (>= 0.5.1)
    rspec (3.8.0)
      rspec-core (~> 3.8.0)
      rspec-expectations (~> 3.8.0)
      rspec-mocks (~> 3.8.0)
    rspec-core (3.8.0)
      rspec-support (~> 3.8.0)
    rspec-expectations (3.8.3)
      diff-lcs (>= 1.2.0, < 2.0)
      rspec-support (~> 3.8.0)
    rspec-mocks (3.8.0)
      diff-lcs (>= 1.2.0, < 2.0)
      rspec-support (~> 3.8.0)
    rspec-support (3.8.0)
    rubocop (0.69.0)
      jaro_winkler (~> 1.5.1)
      parallel (~> 1.10)
      parser (>= 2.6)
      rainbow (>= 2.2.2, < 4.0)
      ruby-progressbar (~> 1.7)
      unicode-display_width (>= 1.4.0, < 1.7)
    ruby-progressbar (1.10.0)
    safe_yaml (1.0.5)
    sequel (4.8.0)
    sequel_paranoia (0.0.7)
    simplecov (0.16.1)
      docile (~> 1.1)
      json (>= 1.8, < 3)
      simplecov-html (~> 0.10.0)
    simplecov-html (0.10.2)
    sinatra (1.4.7)
      rack (~> 1.5)
      rack-protection (~> 1.4)
      tilt (>= 1.3, < 3)
    sinatra-browse (0.6.1)
    sinatra-contrib (1.4.7)
      backports (>= 2.0)
      multi_json
      rack-protection
      rack-test
      sinatra (~> 1.4.0)
      tilt (>= 1.3, < 3)
    sinatra-hashfix (0.1.0)
      sinatra (>= 0.9.0)
    term-ansicolor (1.7.1)
      tins (~> 1.0)
    thor (0.20.3)
    thread_safe (0.3.6)
    tilt (2.0.9)
    timers (4.0.4)
      hitimes
    tins (1.20.2)
    tzinfo (1.2.5)
      thread_safe (~> 0.1)
    unf (0.1.4)
      unf_ext
    unf_ext (0.0.7.6)
    unicode-display_width (1.6.0)
    unicorn (5.5.1)
      kgio (~> 2.6)
      raindrops (~> 0.7)
    webmock (3.5.1)
      addressable (>= 2.3.6)
      crack (>= 0.3.2)
      hashdiff
    websocket-driver (0.7.0)
      websocket-extensions (>= 0.1.0)
    websocket-extensions (0.1.3)

PLATFORMS
  ruby

DEPENDENCIES
  activesupport
  bit-struct (>= 0.13.7)
  celluloid (= 0.16.0)
  celluloid-io (= 0.16.2)
  coveralls
  database_cleaner
  dcell!
  fabrication (= 2.9.8)
  ffi-rzmq
  fuguta
  ipaddress
  json
  mysql2
  net-dhcp (>= 1.1.1)
  net-dns
  pio (= 0.30.2)
  pry-byebug
  rack
  rack-cors
  rack-test
  racket (>= 1.0.12)!
  rake (= 10.1.0)
  rspec
  rubocop
  sequel (= 4.8.0)
  sequel_paranoia
  sinatra (= 1.4.7)
  sinatra-browse (>= 0.6.1)
  sinatra-contrib
  sinatra-hashfix
  unicorn
  webmock

BUNDLED WITH
   1.16.6
