GIT
  remote: git://github.com/axsh/dcell.git
  revision: 2cbae90683be1a7f6c5c4fb4def54f6f528e9f06
  branch: v0.16.1-updated-gems
  specs:
    dcell (0.16.1)
      celluloid (~> 0.16.0)
      celluloid-redis
      celluloid-zmq (~> 0.16.0)
      http (~> 3.0.0)
      redis-namespace
      reel (~> 0.6.1)

GIT
  remote: https://github.com/axsh/racket.git
  revision: c8ae65fa5dc2ca5c31be3cc3d55b848967cd6af4
  specs:
    racket (1.0.12)
      bit-struct

GIT
  remote: https://github.com/trema/trema.git
  revision: 47cac03f872a609f076c11a3e93ade8f5524529d
  branch: develop
  specs:
    trema (0.10.1)
      bundler (>= 1.11.2, < 2.0)
      gli (~> 2.16.0)
      phut (~> 0.7.7)
      pio (~> 0.30.0)

GEM
  remote: http://rubygems.org/
  specs:
    activesupport (5.1.6)
      concurrent-ruby (~> 1.0, >= 1.0.2)
      i18n (>= 0.7, < 2)
      minitest (~> 5.1)
      tzinfo (~> 1.1)
    addressable (2.5.2)
      public_suffix (>= 2.0.2, < 4.0)
    ast (2.4.0)
    backports (3.11.3)
    bindata (2.1.0)
    bit-struct (0.16)
    byebug (10.0.2)
    celluloid (0.16.0)
      timers (~> 4.0.0)
    celluloid-io (0.16.2)
      celluloid (>= 0.16.0)
      nio4r (>= 1.1.0)
    celluloid-redis (0.0.2)
      celluloid-io (>= 0.13.0.pre)
      redis
    celluloid-zmq (0.16.1)
      celluloid (~> 0.16)
      ffi
      ffi-rzmq
    coderay (1.1.2)
    concurrent-ruby (1.0.5)
    coveralls (0.8.22)
      json (>= 1.8, < 3)
      simplecov (~> 0.16.1)
      term-ansicolor (~> 1.3)
      thor (~> 0.19.4)
      tins (~> 1.6)
    crack (0.4.3)
      safe_yaml (~> 1.0.0)
    database_cleaner (1.7.0)
    dcell (0.16.1)
      celluloid (~> 0.16.0)
      celluloid-redis
      celluloid-zmq (~> 0.16.0)
      http (~> 0.5.0)
      redis-namespace
      reel (~> 0.4.0)
    diff-lcs (1.3)
    docile (1.3.1)
    fabrication (2.9.8)
    ffi (1.9.25)
    ffi-rzmq (2.0.6)
      ffi-rzmq-core (>= 1.0.6)
    ffi-rzmq-core (1.0.6)
      ffi
    fuguta (1.0.4.1)
    gli (2.16.1)
    hashdiff (0.3.7)
    hitimes (1.3.0)
    http (0.5.1)
      http_parser.rb
    http_parser.rb (0.6.0)
    i18n (1.0.1)
      concurrent-ruby (~> 1.0)
    ipaddress (0.8.3)
    jaro_winkler (1.5.1)
    json (2.1.0)
    kgio (2.11.2)
    method_source (0.8.2)
    minitest (5.11.3)
    multi_json (1.13.1)
    mysql2 (0.5.2)
    net-dhcp (1.3.3)
    net-dns (0.8.0)
    nio4r (2.3.1)
    parallel (1.12.1)
    parser (2.5.1.2)
      ast (~> 2.4.0)
    phut (0.7.8)
      activesupport (~> 5.1.0)
      gli (~> 2.16.0)
      pio (~> 0.30.2)
      pry (~> 0.10.3)
    pio (0.30.2)
      activesupport (~> 5.1.0)
      bindata (~> 2.1.0)
    powerpack (0.1.2)
    pry (0.10.4)
      coderay (~> 1.1.0)
      method_source (~> 0.8.1)
      slop (~> 3.4)
    pry-byebug (3.6.0)
      byebug (~> 10.0)
      pry (~> 0.10)
    public_suffix (3.0.2)
    rack (1.6.10)
    rack-cors (1.0.2)
    rack-protection (1.5.5)
      rack
    rack-test (1.0.0)
      rack (>= 1.0, < 3)
    rainbow (3.0.0)
    raindrops (0.19.0)
    rake (10.1.0)
    redis (4.0.1)
    redis-namespace (1.6.0)
      redis (>= 3.0.4)
    reel (0.4.0)
      celluloid (>= 0.15.1)
      celluloid-io (>= 0.15.0)
      http (>= 0.5.0)
      http_parser.rb (>= 0.6.0.beta.2)
      websocket_parser (>= 0.1.4)
    rspec (3.7.0)
      rspec-core (~> 3.7.0)
      rspec-expectations (~> 3.7.0)
      rspec-mocks (~> 3.7.0)
    rspec-core (3.7.1)
      rspec-support (~> 3.7.0)
    rspec-expectations (3.7.0)
      diff-lcs (>= 1.2.0, < 2.0)
      rspec-support (~> 3.7.0)
    rspec-mocks (3.7.0)
      diff-lcs (>= 1.2.0, < 2.0)
      rspec-support (~> 3.7.0)
    rspec-support (3.7.1)
    rubocop (0.58.1)
      jaro_winkler (~> 1.5.1)
      parallel (~> 1.10)
      parser (>= 2.5, != 2.5.1.1)
      powerpack (~> 0.1)
      rainbow (>= 2.2.2, < 4.0)
      ruby-progressbar (~> 1.7)
      unicode-display_width (~> 1.0, >= 1.0.1)
    ruby-progressbar (1.9.0)
    safe_yaml (1.0.4)
    sequel (4.8.0)
    sequel_paranoia (0.0.7)
    simplecov (0.16.1)
      docile (~> 1.1)
      json (>= 1.8, < 3)
      simplecov-html (~> 0.10.0)
    simplecov-html (0.10.2)
    sinatra (1.4.7)
      rack (~> 1.5)
      rack-protection (~> 1.4)
      tilt (>= 1.3, < 3)
    sinatra-browse (0.6.1)
    sinatra-contrib (1.4.7)
      backports (>= 2.0)
      multi_json
      rack-protection
      rack-test
      sinatra (~> 1.4.0)
      tilt (>= 1.3, < 3)
    sinatra-hashfix (0.1.0)
      sinatra (>= 0.9.0)
    slop (3.6.0)
    term-ansicolor (1.6.0)
      tins (~> 1.0)
    thor (0.19.4)
    thread_safe (0.3.6)
    tilt (2.0.8)
    timers (4.0.4)
      hitimes
    tins (1.16.3)
    tzinfo (1.2.5)
      thread_safe (~> 0.1)
    unicode-display_width (1.4.0)
    unicorn (5.4.0)
      kgio (~> 2.6)
      raindrops (~> 0.7)
    webmock (3.4.2)
      addressable (>= 2.3.6)
      crack (>= 0.3.2)
      hashdiff
    websocket_parser (1.0.0)

PLATFORMS
  ruby

DEPENDENCIES
  activesupport
  bit-struct (>= 0.13.7)
  celluloid (= 0.16.0)
  celluloid-io (= 0.16.2)
  coveralls
  database_cleaner
  dcell!
  fabrication (= 2.9.8)
  ffi-rzmq
  fuguta
  ipaddress
  json
  mysql2
  net-dhcp (>= 1.1.1)
  net-dns
  pry-byebug
  rack
  rack-cors
  rack-test
  racket (>= 1.0.12)!
  rake (= 10.1.0)
  rspec
  rubocop
  sequel (= 4.8.0)
  sequel_paranoia
  sinatra (= 1.4.7)
  sinatra-browse (>= 0.6.1)
  sinatra-contrib
  sinatra-hashfix
  trema!
  unicorn
  webmock

BUNDLED WITH
   1.16.1
